GIT
  remote: https://github.com/rails/rails.git
  revision: 23229d24533218bbbef04eba0fca8809ad00f9d7
  specs:
    actioncable (6.1.0.alpha)
      actionpack (= 6.1.0.alpha)
      activesupport (= 6.1.0.alpha)
      nio4r (~> 2.0)
      websocket-driver (>= 0.6.1)
    actionmailbox (6.1.0.alpha)
      actionpack (= 6.1.0.alpha)
      activejob (= 6.1.0.alpha)
      activerecord (= 6.1.0.alpha)
      activestorage (= 6.1.0.alpha)
      activesupport (= 6.1.0.alpha)
      mail (>= 2.7.1)
    actionmailer (6.1.0.alpha)
      actionpack (= 6.1.0.alpha)
      actionview (= 6.1.0.alpha)
      activejob (= 6.1.0.alpha)
      activesupport (= 6.1.0.alpha)
      mail (~> 2.5, >= 2.5.4)
      rails-dom-testing (~> 2.0)
    actionpack (6.1.0.alpha)
      actionview (= 6.1.0.alpha)
      activesupport (= 6.1.0.alpha)
      rack (~> 2.0, >= 2.0.9)
      rack-test (>= 0.6.3)
      rails-dom-testing (~> 2.0)
      rails-html-sanitizer (~> 1.0, >= 1.2.0)
    actiontext (6.1.0.alpha)
      actionpack (= 6.1.0.alpha)
      activerecord (= 6.1.0.alpha)
      activestorage (= 6.1.0.alpha)
      activesupport (= 6.1.0.alpha)
      nokogiri (>= 1.8.5)
    actionview (6.1.0.alpha)
      activesupport (= 6.1.0.alpha)
      builder (~> 3.1)
      erubi (~> 1.4)
      rails-dom-testing (~> 2.0)
      rails-html-sanitizer (~> 1.1, >= 1.2.0)
    activejob (6.1.0.alpha)
      activesupport (= 6.1.0.alpha)
      globalid (>= 0.3.6)
    activemodel (6.1.0.alpha)
      activesupport (= 6.1.0.alpha)
    activerecord (6.1.0.alpha)
      activemodel (= 6.1.0.alpha)
      activesupport (= 6.1.0.alpha)
    activestorage (6.1.0.alpha)
      actionpack (= 6.1.0.alpha)
      activejob (= 6.1.0.alpha)
      activerecord (= 6.1.0.alpha)
      activesupport (= 6.1.0.alpha)
      marcel (~> 0.3.1)
    activesupport (6.1.0.alpha)
      concurrent-ruby (~> 1.0, >= 1.0.2)
      i18n (>= 1.6, < 2)
      minitest (>= 5.1)
      tzinfo (~> 2.0)
      zeitwerk (~> 2.3)
    rails (6.1.0.alpha)
      actioncable (= 6.1.0.alpha)
      actionmailbox (= 6.1.0.alpha)
      actionmailer (= 6.1.0.alpha)
      actionpack (= 6.1.0.alpha)
      actiontext (= 6.1.0.alpha)
      actionview (= 6.1.0.alpha)
      activejob (= 6.1.0.alpha)
      activemodel (= 6.1.0.alpha)
      activerecord (= 6.1.0.alpha)
      activestorage (= 6.1.0.alpha)
      activesupport (= 6.1.0.alpha)
      bundler (>= 1.3.0)
      railties (= 6.1.0.alpha)
      sprockets-rails (>= 2.0.0)
    railties (6.1.0.alpha)
      actionpack (= 6.1.0.alpha)
      activesupport (= 6.1.0.alpha)
      method_source
      rake (>= 0.8.7)
      thor (~> 1.0)

GEM
  remote: https://rubygems.org/
  specs:
    bindex (0.8.1)
    bootsnap (1.4.7)
      msgpack (~> 1.0)
    builder (3.2.4)
    bulma-extensions-rails (6.2.7)
    bulma-rails (0.9.0)
      sassc (~> 2.0)
    byebug (11.1.3)
    cable_ready (4.3.0)
      rails (>= 5.2)
    coderay (1.1.3)
    concurrent-ruby (1.1.6)
    crass (1.0.6)
    em-websocket (0.5.1)
      eventmachine (>= 0.12.9)
      http_parser.rb (~> 0.6.0)
    erubi (1.9.0)
    eventmachine (1.2.7)
    ffi (1.13.1)
    formatador (0.2.5)
    globalid (0.4.2)
      activesupport (>= 4.2.0)
    guard (2.16.2)
      formatador (>= 0.2.4)
      listen (>= 2.7, < 4.0)
      lumberjack (>= 1.0.12, < 2.0)
      nenv (~> 0.1)
      notiffany (~> 0.0)
      pry (>= 0.9.12)
      shellany (~> 0.0)
      thor (>= 0.18.1)
    guard-compat (1.2.1)
    guard-livereload (2.5.2)
      em-websocket (~> 0.5)
      guard (~> 2.8)
      guard-compat (~> 1.0)
      multi_json (~> 1.8)
    http_parser.rb (0.6.0)
    i18n (1.8.5)
      concurrent-ruby (~> 1.0)
    jbuilder (2.10.0)
      activesupport (>= 5.0.0)
    listen (3.2.1)
      rb-fsevent (~> 0.10, >= 0.10.3)
      rb-inotify (~> 0.9, >= 0.9.10)
    loofah (2.6.0)
      crass (~> 1.0.2)
      nokogiri (>= 1.5.9)
    lumberjack (1.2.6)
    mail (2.7.1)
      mini_mime (>= 0.1.1)
    marcel (0.3.3)
      mimemagic (~> 0.3.2)
    method_source (1.0.0)
    mimemagic (0.3.10)
      nokogiri (~> 1)
      rake
    mini_mime (1.0.2)
    mini_portile2 (2.6.1)
    minitest (5.14.1)
    msgpack (1.3.3)
    multi_json (1.15.0)
    nenv (0.3.0)
    nio4r (2.5.7)
    nokogiri (1.12.5)
      mini_portile2 (~> 2.6.1)
      racc (~> 1.4)
    notiffany (0.1.3)
      nenv (~> 0.1)
      shellany (~> 0.0)
    pg (1.2.3)
    pry (0.13.1)
      coderay (~> 1.1)
      method_source (~> 1.0)
    puma (4.3.8)
      nio4r (~> 2.0)
    racc (1.5.2)
    rack (2.2.3)
    rack-livereload (0.3.17)
      rack
    rack-proxy (0.6.5)
      rack
    rack-test (1.1.0)
      rack (>= 1.0, < 3)
    rails-dom-testing (2.0.3)
      activesupport (>= 4.2.0)
      nokogiri (>= 1.6)
    rails-html-sanitizer (1.3.0)
      loofah (~> 2.3)
    rake (13.0.1)
    rb-fsevent (0.10.4)
    rb-inotify (0.10.1)
      ffi (~> 1.0)
    sass-rails (6.0.0)
      sassc-rails (~> 2.1, >= 2.1.1)
    sassc (2.4.0)
      ffi (~> 1.9)
    sassc-rails (2.1.2)
      railties (>= 4.0.0)
      sassc (>= 2.0)
      sprockets (> 3.0)
      sprockets-rails
      tilt
    semantic_range (2.3.0)
    shellany (0.0.1)
    spring (2.1.0)
    spring-watcher-listen (2.0.1)
      listen (>= 2.7, < 4.0)
      spring (>= 1.2, < 3.0)
    sprockets (4.0.2)
      concurrent-ruby (~> 1.0)
      rack (> 1, < 3)
    sprockets-rails (3.2.1)
      actionpack (>= 4.0)
      activesupport (>= 4.0)
      sprockets (>= 3.0.0)
    stimulus_reflex (3.2.3)
      cable_ready (>= 4.1.2)
      nokogiri
      rack
      rails (>= 5.2)
    thor (1.0.1)
    tilt (2.0.10)
    turbolinks (5.2.1)
      turbolinks-source (~> 5.2)
    turbolinks-source (5.2.0)
    tzinfo (2.0.2)
      concurrent-ruby (~> 1.0)
    web-console (4.0.4)
      actionview (>= 6.0.0)
      activemodel (>= 6.0.0)
      bindex (>= 0.4.0)
      railties (>= 6.0.0)
    webpacker (5.1.1)
      activesupport (>= 5.2)
      rack-proxy (>= 0.6.1)
      railties (>= 5.2)
      semantic_range (>= 2.3.0)
    websocket-driver (0.7.3)
      websocket-extensions (>= 0.1.0)
    websocket-extensions (0.1.5)
    zeitwerk (2.4.0)

PLATFORMS
  ruby

DEPENDENCIES
  bootsnap
  bulma-extensions-rails
  bulma-rails
  byebug
  guard
  guard-livereload
  jbuilder
  listen
  pg
  puma
  rack-livereload
  rails!
  sass-rails
  spring
  spring-watcher-listen
  stimulus_reflex
  turbolinks
  tzinfo-data
  web-console
  webpacker

RUBY VERSION
   ruby 2.7.1p83

BUNDLED WITH
   2.1.4
